GEM
  remote: http://rubygems.org/
  specs:
    crypt19 (1.2.1)
    json (1.6.1)
    rack (1.3.3)
    shotgun (0.9)
      rack (>= 1.0)
    sinatra (1.2.6)
      rack (~> 1.1)
      tilt (>= 1.2.2, < 2.0)
    tilt (1.3.3)

PLATFORMS
  ruby

DEPENDENCIES
  crypt19
  json
  rack
  shotgun
  sinatra
